GEM
  remote: http://rubygems.org/
  specs:
    jruby-rack (1.0.8)
    rack (1.2.2)
    sinatra (1.2.6)
      rack (~> 1.1)
      tilt (>= 1.2.2, < 2.0)
    tilt (1.3)
    trinidad (1.1.1)
      jruby-rack (>= 1.0.6)
      trinidad_jars (>= 1.0.0)
    trinidad_jars (1.0.1)

PLATFORMS
  java

DEPENDENCIES
  sinatra
  trinidad
